PATH
  remote: .
  specs:
    whatsup_github (0.5.0)
      netrc (~> 0.11)
      octokit (~> 6.0)
      thor (~> 1.2)

GEM
  remote: https://rubygems.org/
  specs:
    addressable (2.8.1)
      public_suffix (>= 2.0.2, < 6.0)
    aruba (2.1.0)
      bundler (>= 1.17, < 3.0)
      childprocess (>= 2.0, < 5.0)
      contracts (>= 0.16.0, < 0.18.0)
      cucumber (>= 4.0, < 9.0)
      rspec-expectations (~> 3.4)
      thor (~> 1.0)
    builder (3.2.4)
    childprocess (4.1.0)
    coderay (1.1.3)
    contracts (0.16.1)
    cucumber (8.0.0)
      builder (~> 3.2, >= 3.2.4)
      cucumber-ci-environment (~> 9.0, >= 9.0.4)
      cucumber-core (~> 11.0, >= 11.0.0)
      cucumber-cucumber-expressions (~> 15.1, >= 15.1.1)
      cucumber-gherkin (~> 23.0, >= 23.0.1)
      cucumber-html-formatter (~> 19.1, >= 19.1.0)
      cucumber-messages (~> 18.0, >= 18.0.0)
      diff-lcs (~> 1.5, >= 1.5.0)
      mime-types (~> 3.4, >= 3.4.1)
      multi_test (~> 1.1, >= 1.1.0)
      sys-uname (~> 1.2, >= 1.2.2)
    cucumber-ci-environment (9.1.0)
    cucumber-core (11.0.0)
      cucumber-gherkin (~> 23.0, >= 23.0.1)
      cucumber-messages (~> 18.0, >= 18.0.0)
      cucumber-tag-expressions (~> 4.1, >= 4.1.0)
    cucumber-cucumber-expressions (15.2.0)
    cucumber-gherkin (23.0.1)
      cucumber-messages (~> 18.0, >= 18.0.0)
    cucumber-html-formatter (19.2.0)
      cucumber-messages (~> 18.0, >= 18.0.0)
    cucumber-messages (18.0.0)
    cucumber-tag-expressions (4.1.0)
    diff-lcs (1.5.0)
    faraday (2.7.2)
      faraday-net_http (>= 2.0, < 3.1)
      ruby2_keywords (>= 0.0.4)
    faraday-net_http (3.0.2)
    faraday-retry (2.0.0)
      faraday (~> 2.0)
    ffi (1.15.5)
    fileutils (1.7.0)
    method_source (1.0.0)
    mime-types (3.4.1)
      mime-types-data (~> 3.2015)
    mime-types-data (3.2022.0105)
    multi_test (1.1.0)
    netrc (0.11.0)
    octokit (6.0.1)
      faraday (>= 1, < 3)
      sawyer (~> 0.9)
    pry (0.14.1)
      coderay (~> 1.1)
      method_source (~> 1.0)
    public_suffix (5.0.1)
    rake (13.0.6)
    rspec (3.12.0)
      rspec-core (~> 3.12.0)
      rspec-expectations (~> 3.12.0)
      rspec-mocks (~> 3.12.0)
    rspec-core (3.12.0)
      rspec-support (~> 3.12.0)
    rspec-expectations (3.12.1)
      diff-lcs (>= 1.2.0, < 2.0)
      rspec-support (~> 3.12.0)
    rspec-mocks (3.12.1)
      diff-lcs (>= 1.2.0, < 2.0)
      rspec-support (~> 3.12.0)
    rspec-support (3.12.0)
    ruby2_keywords (0.0.5)
    sawyer (0.9.2)
      addressable (>= 2.3.5)
      faraday (>= 0.17.3, < 3)
    sys-uname (1.2.2)
      ffi (~> 1.1)
    thor (1.2.1)

PLATFORMS
  ruby

DEPENDENCIES
  aruba (~> 2.1)
  bundler (~> 2.1)
  cucumber (~> 8.0)
  faraday-retry (~> 2.0)
  fileutils (~> 1.7)
  pry (~> 0.14)
  rake (~> 13.0)
  rspec (~> 3.12)
  whatsup_github!

BUNDLED WITH
   2.1.4
